GEM
  remote: https://rubygems.org/
  specs:
    POpen4 (0.1.4)
      Platform (>= 0.4.0)
      open4
    Platform (0.4.0)
    bindata (2.1.0)
    gli (2.10.0)
    json (1.8.6)
    open4 (1.3.4)
    paper_house (0.6.2)
      POpen4 (~> 0.1.4)
      rake
    pio (0.7.0)
      bindata (~> 2.1.0)
    rake (12.0.0)
    rdoc (4.1.2)
      json (~> 1.4)
    trema (0.4.7)
      bundler
      gli (~> 2.10.0)
      paper_house (~> 0.6.0)
      pio (~> 0.7.0)
      rake
      rdoc (~> 4.1.1)

PLATFORMS
  ruby

DEPENDENCIES
  trema

BUNDLED WITH
   1.13.6
